PATH
  remote: .
  specs:
    mini-rails (0.1.0)

GEM
  remote: https://rubygems.org/
  specs:
    power_assert (2.0.1)
    rake (13.0.6)
    test-unit (3.4.5)
      power_assert

PLATFORMS
  x86_64-darwin-20

DEPENDENCIES
  mini-rails!
  rake (~> 13.0)
  test-unit (~> 3.0)

BUNDLED WITH
   2.2.26
