PATH
  remote: .
  specs:
    mini-rails (0.0.1)
      rack (~> 2.x)

GEM
  remote: https://rubygems.org/
  specs:
    daemons (1.4.1)
    eventmachine (1.2.7)
    ffi (1.15.4)
    listen (3.1.1)
      rb-fsevent (>= 0.9.3)
      rb-inotify (>= 0.9.7)
    minitest (5.14.4)
    rack (2.2.3)
    rake (10.5.0)
    rb-fsevent (0.11.0)
    rb-inotify (0.10.1)
      ffi (~> 1.0)
    rerun (0.13.1)
      listen (~> 3.0)
    sqlite3 (1.4.2)
    thin (1.8.1)
      daemons (~> 1.0, >= 1.0.9)
      eventmachine (~> 1.0, >= 1.0.4)
      rack (>= 1, < 3)

PLATFORMS
  x86_64-darwin-20

DEPENDENCIES
  bundler
  listen (= 3.1.1)
  mini-rails!
  minitest (~> 5.0)
  rake (~> 10.0)
  rerun
  sqlite3
  thin

BUNDLED WITH
   2.2.26
