PATH
  remote: .
  specs:
    mini-rails (0.1.0)

GEM
  remote: https://rubygems.org/
  specs:
    byebug (11.1.3)
    coderay (1.1.3)
    method_source (1.0.0)
    minitest (5.14.4)
    minitest-color (0.0.2)
      minitest (~> 5)
    power_assert (2.0.1)
    pry (0.13.1)
      coderay (~> 1.1)
      method_source (~> 1.0)
    pry-byebug (3.9.0)
      byebug (~> 11.0)
      pry (~> 0.13.0)
    rake (13.0.6)
    sqlite3 (1.4.2)
    test-unit (3.4.5)
      power_assert

PLATFORMS
  x86_64-darwin-20

DEPENDENCIES
  mini-rails!
  minitest (~> 5.0)
  minitest-color
  pry-byebug
  rake (~> 13.0)
  sqlite3
  test-unit (~> 3.0)

BUNDLED WITH
   2.2.26
