PATH
  remote: ../..
  specs:
    mini-rails (0.1.0)

GEM
  remote: https://rubygems.org/
  specs:
    byebug (11.1.3)
    coderay (1.1.3)
    method_source (1.0.0)
    minitest (5.14.4)
    minitest-color (0.0.2)
      minitest (~> 5)
    pry (0.13.1)
      coderay (~> 1.1)
      method_source (~> 1.0)
    pry-byebug (3.9.0)
      byebug (~> 11.0)
      pry (~> 0.13.0)
    sqlite3 (1.4.2)

PLATFORMS
  ruby

DEPENDENCIES
  mini-rails!
  minitest (~> 5.0)
  minitest-color
  pry-byebug
  sqlite3

BUNDLED WITH
   1.17.3
